GEM
  remote: https://rubygems.org/
  specs:
    byebug (11.1.3)
    nio4r (2.5.7)
    pg (1.2.3)
    puma (5.3.2)
      nio4r (~> 2.0)
    rack (2.2.3)
    sequel (5.46.0)

PLATFORMS
  ruby

DEPENDENCIES
  byebug
  pg
  puma
  rack
  sequel

RUBY VERSION
   ruby 2.7.1p83

BUNDLED WITH
   2.1.4
